GEM
  remote: https://rubygems.org/
  specs:
    pdf-core (0.8.1)
    prawn (2.3.0)
      pdf-core (~> 0.8.1)
      ttfunk (~> 1.6)
    prawn-emoji (4.1.0)
      prawn (~> 2.2)
      unicode-emoji (~> 2.5.0)
    ttfunk (1.6.2.1)
    unicode-emoji (2.5.0)
      unicode-version (~> 1.0)
    unicode-version (1.0.0)

PLATFORMS
  ruby

DEPENDENCIES
  prawn
  prawn-emoji

BUNDLED WITH
   2.1.4
