GEM
  remote: https://rubygems.org/
  specs:
    pdf-core (0.9.0)
    prawn (2.4.0)
      pdf-core (~> 0.9.0)
      ttfunk (~> 1.7)
    prawn-emoji (5.3.0)
      prawn (~> 2.3)
      unicode-emoji (~> 3.1)
    ttfunk (1.7.0)
    unicode-emoji (3.3.1)
      unicode-version (~> 1.0)
    unicode-version (1.3.0)

PLATFORMS
  ruby

DEPENDENCIES
  prawn
  prawn-emoji

BUNDLED WITH
   2.1.4
