GEM
  remote: https://rubygems.org/
  specs:
    bigdecimal (3.1.6)
    matrix (0.4.2)
    pdf-core (0.10.0)
    prawn (2.5.0)
      matrix (~> 0.4)
      pdf-core (~> 0.10.0)
      ttfunk (~> 1.8)
    prawn-emoji (5.3.0)
      prawn (~> 2.3)
      unicode-emoji (~> 3.1)
    ttfunk (1.8.0)
      bigdecimal (~> 3.1)
    unicode-emoji (3.3.1)
      unicode-version (~> 1.0)
    unicode-version (1.3.0)

PLATFORMS
  ruby

DEPENDENCIES
  prawn
  prawn-emoji

BUNDLED WITH
   2.1.4
