GEM
  remote: https://rubygems.org/
  specs:
    pdf-core (0.9.0)
    prawn (2.4.0)
      pdf-core (~> 0.9.0)
      ttfunk (~> 1.7)
    prawn-emoji (4.2.0)
      prawn (~> 2.2)
      unicode-emoji (~> 2.7.1)
    ttfunk (1.7.0)
    unicode-emoji (2.7.1)
      unicode-version (~> 1.0)
    unicode-version (1.1.0)

PLATFORMS
  ruby

DEPENDENCIES
  prawn
  prawn-emoji

BUNDLED WITH
   2.1.4
